GEM
  remote: http://rubygems.org/
  specs:
    awesome_print (1.0.2)
    guess_html_encoding (0.0.4)
    json (1.7.5)
    nokogiri (1.5.5)
    ruby-readability (0.5.4)
      guess_html_encoding (>= 0.0.4)
      nokogiri (>= 1.4.2)

PLATFORMS
  ruby

DEPENDENCIES
  awesome_print
  json
  ruby-readability
